GEM
  remote: https://rubygems.org/
  specs:
    ast (2.2.0)
    byebug (8.2.2)
    childprocess (0.5.9)
      ffi (~> 1.0, >= 1.0.11)
    coderay (1.1.1)
    diff-lcs (1.2.5)
    facets (3.0.0)
    ffi (1.9.10)
    json (1.8.3)
    method_source (0.8.2)
    parser (2.3.0.7)
      ast (~> 2.2)
    powerpack (0.1.1)
    pry (0.10.3)
      coderay (~> 1.1.0)
      method_source (~> 0.8.1)
      slop (~> 3.4)
    pry-byebug (3.3.0)
      byebug (~> 8.0)
      pry (~> 0.10)
    psych (2.0.17)
    rainbow (2.1.0)
    rake (10.5.0)
    rspec (3.3.0)
      rspec-core (~> 3.3.0)
      rspec-expectations (~> 3.3.0)
      rspec-mocks (~> 3.3.0)
    rspec-core (3.3.2)
      rspec-support (~> 3.3.0)
    rspec-expectations (3.3.1)
      diff-lcs (>= 1.2.0, < 2.0)
      rspec-support (~> 3.3.0)
    rspec-mocks (3.3.2)
      diff-lcs (>= 1.2.0, < 2.0)
      rspec-support (~> 3.3.0)
    rspec-support (3.3.0)
    rubocop (0.38.0)
      parser (>= 2.3.0.6, < 3.0)
      powerpack (~> 0.1)
      rainbow (>= 1.99.1, < 3.0)
      ruby-progressbar (~> 1.7)
      unicode-display_width (~> 1.0, >= 1.0.1)
    ruby-progressbar (1.7.5)
    rubyzip (1.2.0)
    selenium-webdriver (2.53.0)
      childprocess (~> 0.5)
      rubyzip (~> 1.0)
      websocket (~> 1.0)
    slop (3.6.0)
    unicode-display_width (1.0.2)
    watir-webdriver (0.9.1)
      selenium-webdriver (>= 2.46.2)
    webdriver-user-agent (7.4)
      facets
      json
      psych
      selenium-webdriver
    websocket (1.2.2)

PLATFORMS
  ruby

DEPENDENCIES
  coderay!
  pry-byebug!
  rake (~> 10.0)!
  rspec (~> 3.3.0)!
  rubocop!
  selenium-webdriver!
  watir-webdriver (>= 0.8.0)!
  webdriver-user-agent!

BUNDLED WITH
   1.11.2
